GEM
  remote: https://rubygems.org/
  specs:
    rack (1.6.4)
    rack-protection (1.5.3)
      rack
    sinatra (1.4.7)
      rack (~> 1.5)
      rack-protection (~> 1.4)
      tilt (>= 1.3, < 3)
    tilt (2.0.2)
    turbolinks-source (5.0.0.beta1.1)

PLATFORMS
  ruby

DEPENDENCIES
  sinatra
  turbolinks-source
